GEM
  remote: http://rubygems.org/
  specs:
    activesupport (3.2.8)
      i18n (~> 0.6)
      multi_json (~> 1.0)
    celluloid (0.16.0)
      timers (~> 4.0.0)
    coderay (1.1.0)
    ffi (1.9.6)
    formatador (0.2.5)
    guard (2.9.0)
      formatador (>= 0.2.4)
      listen (~> 2.7)
      lumberjack (~> 1.0)
      pry (>= 0.9.12)
      thor (>= 0.18.1)
    guard-shell (0.7.0)
      guard (>= 2.0.0)
    hitimes (1.2.2)
    i18n (0.6.1)
    listen (2.8.2)
      celluloid (>= 0.15.2)
      rb-fsevent (>= 0.9.3)
      rb-inotify (>= 0.9)
    lumberjack (1.0.9)
    method_source (0.8.2)
    multi_json (1.3.6)
    posix-spawn (0.3.6)
    pry (0.10.1)
      coderay (~> 1.1.0)
      method_source (~> 0.8.1)
      slop (~> 3.4)
    pygments.rb (0.5.2)
      posix-spawn (~> 0.3.6)
      yajl-ruby (~> 1.1.0)
    rb-fsevent (0.9.4)
    rb-inotify (0.9.5)
      ffi (>= 0.5.0)
    slop (3.6.0)
    thor (0.19.1)
    timers (4.0.1)
      hitimes
    yajl-ruby (1.1.0)

PLATFORMS
  ruby

DEPENDENCIES
  activesupport (~> 3.2)
  guard-shell
  pygments.rb (~> 0.5)
